GEM
  remote: https://rubygems.org/
  specs:
    addressable (2.3.5)
    api_smith (1.3.0)
      hashie (>= 1.0, < 3.0)
      httparty
    coderay (1.0.9)
    crack (0.3.2)
    diff-lcs (1.2.4)
    ffi (1.9.0)
    formatador (0.2.4)
    growl (1.0.3)
    growl_notify (0.0.3)
      rb-appscript
    guard (1.8.3)
      formatador (>= 0.2.4)
      listen (~> 1.3)
      lumberjack (>= 1.0.2)
      pry (>= 0.9.10)
      thor (>= 0.14.6)
    guard-rspec (3.1.0)
      guard (>= 1.8)
      rspec (~> 2.13)
    hashie (2.0.5)
    httparty (0.12.0)
      json (~> 1.8)
      multi_xml (>= 0.5.2)
    json (1.8.1)
    listen (1.3.1)
      rb-fsevent (>= 0.9.3)
      rb-inotify (>= 0.9)
      rb-kqueue (>= 0.2)
    lumberjack (1.0.4)
    method_source (0.8.2)
    multi_xml (0.5.5)
    pry (0.9.12.2)
      coderay (~> 1.0.5)
      method_source (~> 0.8)
      slop (~> 3.4)
    rb-appscript (0.6.1)
    rb-fsevent (0.9.3)
    rb-inotify (0.9.2)
      ffi (>= 0.5.0)
    rb-kqueue (0.2.0)
      ffi (>= 0.5.0)
    rspec (2.14.1)
      rspec-core (~> 2.14.0)
      rspec-expectations (~> 2.14.0)
      rspec-mocks (~> 2.14.0)
    rspec-core (2.14.6)
    rspec-expectations (2.14.3)
      diff-lcs (>= 1.1.3, < 2.0)
    rspec-mocks (2.14.4)
    slop (3.4.6)
    thor (0.18.1)
    webmock (1.11.0)
      addressable (>= 2.2.7)
      crack (>= 0.3.2)

PLATFORMS
  ruby

DEPENDENCIES
  api_smith
  growl
  growl_notify
  guard
  guard-rspec
  pry
  rspec
  webmock
